GEM
  remote: https://rubygems.org/
  specs:
    redcarpet (3.0.0)

PLATFORMS
  ruby

DEPENDENCIES
  redcarpet
