GEM
  remote: https://rubygems.org/
  specs:
    mini_portile (0.5.2)
    nokogiri (1.6.0)
      mini_portile (~> 0.5.0)
    redcarpet (3.5.1)

PLATFORMS
  ruby

DEPENDENCIES
  nokogiri
  redcarpet (>= 3.5.1)

BUNDLED WITH
   1.17.3
