GEM
  remote: https://rubygems.org/
  specs:
    mini_portile2 (2.5.1)
    nokogiri (1.11.4)
      mini_portile2 (~> 2.5.0)
      racc (~> 1.4)
    racc (1.5.2)
    redcarpet (3.0.0)

PLATFORMS
  ruby

DEPENDENCIES
  nokogiri (>= 1.11.4)
  redcarpet

BUNDLED WITH
   2.1.4
